GEM
  remote: https://rubygems.org/
  specs:
    csv (3.3.0)

PLATFORMS
  ruby

DEPENDENCIES
  csv (~> 3.3.0)

RUBY VERSION
   ruby 2.6.10p210

BUNDLED WITH
   1.17.2
